GIT
  remote: git://github.com/carrierwaveuploader/carrierwave.git
  revision: a1b96d05d021f0ab53c8a2ef460bc96664e52b79
  specs:
    carrierwave (0.10.0)
      activemodel (>= 3.2.0)
      activesupport (>= 3.2.0)
      json (>= 1.7)
      mime-types (>= 1.16)

GIT
  remote: git://github.com/cimon-io/glipper.git
  revision: dab921f07f88a4c30d722047ecbaca1c04d3faca
  specs:
    glipper (0.0.1)
      actionpack (>= 4.1.1, < 5.0)

GIT
  remote: git://github.com/cimon-io/liqueur.git
  revision: c32b4f08bb451ee139cb0a99f1179ea3002fa366
  specs:
    liqueur (0.0.5)
      sass (>= 3.1)
      wiskey

GIT
  remote: git://github.com/cimon-io/menuseful.git
  revision: b0809fecc60b18fc650807a2646ac30b36df6bc2
  specs:
    menuseful (0.0.1)

GIT
  remote: git://github.com/cimon-io/purpur.git
  revision: 03312305679c0cfc3ca30418b3c51e657478f18f
  specs:
    purpur (0.0.1)
      bundler (~> 1.6)
      csso-rails (~> 0.3.4)
      nokogiri (~> 1.6)
      rake (~> 10.4)
      uglifier (~> 2.7.0)

GIT
  remote: git://github.com/cimon-io/susanin.git
  revision: eada0586070dc839dacd2c652184355526fe5f12
  specs:
    susanin (0.0.1)
      actionpack (>= 4.1.1, < 5.0)

GIT
  remote: git://github.com/cimon-io/wiskey.git
  revision: 085bc0520c4186473558c2ea9fe6b7da9e122668
  specs:
    wiskey (0.0.8)
      sass (>= 3.1)

GIT
  remote: git://github.com/intridea/omniauth-github.git
  revision: 45f2fc73d6d06f30863adac0e6aa112bcaaadf67
  specs:
    omniauth-github (1.1.2)
      omniauth (~> 1.0)
      omniauth-oauth2 (>= 1.1.1, < 2.0)

GIT
  remote: git://github.com/mdeering/attribute_normalizer.git
  revision: 8bdafce8c2eb856c19b00bce747bf05918a199da
  specs:
    attribute_normalizer (1.2.0)

GIT
  remote: git://github.com/mkdynamic/omniauth-facebook.git
  revision: b127c35135b16b7d5cdc746a718192acfe1da21c
  specs:
    omniauth-facebook (2.1.0)
      omniauth-oauth2 (~> 1.2)

GIT
  remote: git://github.com/natritmeyer/site_prism.git
  revision: 2db1bc701ca4eedbb8a02125067c2add892e2eec
  branch: master
  specs:
    site_prism (2.7)
      addressable (>= 2.3.3, < 3.0)
      capybara (>= 2.1, < 3.0)

GEM
  remote: https://rubygems.org/
  specs:
    actionmailer (4.2.2)
      actionpack (= 4.2.2)
      actionview (= 4.2.2)
      activejob (= 4.2.2)
      mail (~> 2.5, >= 2.5.4)
      rails-dom-testing (~> 1.0, >= 1.0.5)
    actionpack (4.2.2)
      actionview (= 4.2.2)
      activesupport (= 4.2.2)
      rack (~> 1.6)
      rack-test (~> 0.6.2)
      rails-dom-testing (~> 1.0, >= 1.0.5)
      rails-html-sanitizer (~> 1.0, >= 1.0.1)
    actionview (4.2.2)
      activesupport (= 4.2.2)
      builder (~> 3.1)
      erubis (~> 2.7.0)
      rails-dom-testing (~> 1.0, >= 1.0.5)
      rails-html-sanitizer (~> 1.0, >= 1.0.1)
    activejob (4.2.2)
      activesupport (= 4.2.2)
      globalid (>= 0.3.0)
    activemodel (4.2.2)
      activesupport (= 4.2.2)
      builder (~> 3.1)
    activerecord (4.2.2)
      activemodel (= 4.2.2)
      activesupport (= 4.2.2)
      arel (~> 6.0)
    activesupport (4.2.2)
      i18n (~> 0.7)
      json (~> 1.7, >= 1.7.7)
      minitest (~> 5.1)
      thread_safe (~> 0.3, >= 0.3.4)
      tzinfo (~> 1.1)
    addressable (2.3.8)
    arel (6.0.0)
    autoprefixer-rails (5.2.0)
      execjs
      json
    bootstrap-sass (3.3.4.1)
      autoprefixer-rails (>= 5.0.0.1)
      sass (>= 3.2.19)
    builder (3.2.2)
    cancancan (1.10.1)
    capybara (2.4.4)
      mime-types (>= 1.16)
      nokogiri (>= 1.3.3)
      rack (>= 1.0.0)
      rack-test (>= 0.5.4)
      xpath (~> 2.0)
    celluloid (0.16.0)
      timers (~> 4.0.0)
    cliver (0.3.2)
    coderay (1.1.0)
    coffee-rails (4.1.0)
      coffee-script (>= 2.2.0)
      railties (>= 4.0.0, < 5.0)
    coffee-script (2.4.1)
      coffee-script-source
      execjs
    coffee-script-source (1.9.1.1)
    connection_pool (2.2.0)
    crack (0.4.2)
      safe_yaml (~> 1.0.0)
    css_parser (1.3.6)
      addressable
    csso-rails (0.3.4)
      execjs (>= 1)
    daemons (1.2.2)
    database_cleaner (1.4.1)
    diff-lcs (1.2.5)
    dotenv (2.0.1)
    dotenv-rails (2.0.1)
      dotenv (= 2.0.1)
    ejs (1.1.1)
    email_spec (1.6.0)
      launchy (~> 2.1)
      mail (~> 2.2)
    erubis (2.7.0)
    eventmachine (1.0.7)
    execjs (2.5.2)
    factory_girl (4.5.0)
      activesupport (>= 3.0.0)
    factory_girl_rails (4.5.0)
      factory_girl (~> 4.5.0)
      railties (>= 3.0.0)
    faraday (0.9.1)
      multipart-post (>= 1.2, < 3)
    ffi (1.9.8)
    fontcustom (1.3.8)
      json (~> 1.4)
      listen (>= 1.0, < 3.0)
      thor (~> 0.14)
    globalid (0.3.5)
      activesupport (>= 4.1.0)
    haml (4.0.6)
      tilt
    haml-rails (0.9.0)
      actionpack (>= 4.0.1)
      activesupport (>= 4.0.1)
      haml (>= 4.0.6, < 5.0)
      html2haml (>= 1.0.1)
      railties (>= 4.0.1)
    has_scope (0.6.0)
      actionpack (>= 3.2, < 5)
      activesupport (>= 3.2, < 5)
    hashie (3.4.2)
    hitimes (1.2.2)
    html2haml (2.0.0)
      erubis (~> 2.7.0)
      haml (~> 4.0.0)
      nokogiri (~> 1.6.0)
      ruby_parser (~> 3.5)
    htmlentities (4.3.3)
    i18n (0.7.0)
    ice_cube (0.11.1)
    inherited_resources (1.6.0)
      actionpack (>= 3.2, < 5)
      has_scope (~> 0.6.0.rc)
      railties (>= 3.2, < 5)
      responders
    jbuilder (2.2.16)
      activesupport (>= 3.0.0, < 5)
      multi_json (~> 1.2)
    jquery-fileupload-rails (0.4.5)
      actionpack (>= 3.1)
      railties (>= 3.1)
      sass (>= 3.2)
    jquery-rails (4.0.3)
      rails-dom-testing (~> 1.0)
      railties (>= 4.2.0)
      thor (>= 0.14, < 2.0)
    json (1.8.3)
    jwt (1.5.0)
    kgio (2.9.3)
    launchy (2.4.3)
      addressable (~> 2.3)
    libv8 (3.16.14.7)
    listen (2.10.0)
      celluloid (~> 0.16.0)
      rb-fsevent (>= 0.9.3)
      rb-inotify (>= 0.9)
    loofah (2.0.2)
      nokogiri (>= 1.5.9)
    mail (2.6.3)
      mime-types (>= 1.16, < 3)
    method_source (0.8.2)
    mime-types (2.6.1)
    mini_magick (4.2.7)
    mini_portile (0.6.2)
    minitest (5.7.0)
    monetize (1.1.0)
      money (~> 6.5.0)
    money (6.5.1)
      i18n (>= 0.6.4, <= 0.7.0)
    money-rails (1.4.1)
      activesupport (>= 3.0)
      monetize (~> 1.1.0)
      money (~> 6.5.0)
      railties (>= 3.0)
    multi_json (1.11.0)
    multi_xml (0.5.5)
    multipart-post (2.0.0)
    newrelic_rpm (3.12.0.288)
    nokogiri (1.6.6.2)
      mini_portile (~> 0.6.0)
    oauth2 (1.0.0)
      faraday (>= 0.8, < 0.10)
      jwt (~> 1.0)
      multi_json (~> 1.3)
      multi_xml (~> 0.5)
      rack (~> 1.2)
    omniauth (1.2.2)
      hashie (>= 1.2, < 4)
      rack (~> 1.0)
    omniauth-oauth2 (1.3.0)
      oauth2 (~> 1.0)
      omniauth (~> 1.2)
    paper_trail (3.0.8)
      activerecord (>= 3.0, < 5.0)
      activesupport (>= 3.0, < 5.0)
    parallel (1.6.0)
    parallel_tests (1.3.9)
      parallel
    pg (0.18.2)
    poltergeist (1.6.0)
      capybara (~> 2.1)
      cliver (~> 0.3.1)
      multi_json (~> 1.0)
      websocket-driver (>= 0.2.0)
    postrank-uri (1.0.18)
      addressable (~> 2.3.0)
      nokogiri (~> 1.6.1)
      public_suffix (~> 1.1.3)
    premailer (1.8.4)
      css_parser (>= 1.3.6)
      htmlentities (>= 4.0.0)
    premailer-rails (1.8.2)
      actionmailer (>= 3, < 5)
      premailer (~> 1.7, >= 1.7.9)
    pry (0.10.1)
      coderay (~> 1.1.0)
      method_source (~> 0.8.1)
      slop (~> 3.4)
    pry-doc (0.6.0)
      pry (~> 0.9)
      yard (~> 0.8)
    pry-nav (0.2.4)
      pry (>= 0.9.10, < 0.11.0)
    pry-rails (0.3.4)
      pry (>= 0.9.10)
    public_suffix (1.1.3)
    quiet_assets (1.1.0)
      railties (>= 3.1, < 5.0)
    rack (1.6.4)
    rack-protection (1.5.3)
      rack
    rack-test (0.6.3)
      rack (>= 1.0)
    rails (4.2.2)
      actionmailer (= 4.2.2)
      actionpack (= 4.2.2)
      actionview (= 4.2.2)
      activejob (= 4.2.2)
      activemodel (= 4.2.2)
      activerecord (= 4.2.2)
      activesupport (= 4.2.2)
      bundler (>= 1.3.0, < 2.0)
      railties (= 4.2.2)
      sprockets-rails
    rails-deprecated_sanitizer (1.0.3)
      activesupport (>= 4.2.0.alpha)
    rails-dom-testing (1.0.6)
      activesupport (>= 4.2.0.beta, < 5.0)
      nokogiri (~> 1.6.0)
      rails-deprecated_sanitizer (>= 1.0.1)
    rails-html-sanitizer (1.0.2)
      loofah (~> 2.0)
    rails-observers (0.1.2)
      activemodel (~> 4.0)
    rails_12factor (0.0.3)
      rails_serve_static_assets
      rails_stdout_logging
    rails_config (0.4.2)
      activesupport (>= 3.0)
    rails_serve_static_assets (0.0.4)
    rails_stdout_logging (0.0.3)
    railties (4.2.2)
      actionpack (= 4.2.2)
      activesupport (= 4.2.2)
      rake (>= 0.8.7)
      thor (>= 0.18.1, < 2.0)
    raindrops (0.13.0)
    rake (10.4.2)
    rb-fsevent (0.9.5)
    rb-inotify (0.9.5)
      ffi (>= 0.5.0)
    rdoc (4.2.0)
    redis (3.2.1)
    redis-namespace (1.5.2)
      redis (~> 3.0, >= 3.0.4)
    ref (1.0.5)
    responders (2.1.0)
      railties (>= 4.2.0, < 5)
    rspec-core (3.2.3)
      rspec-support (~> 3.2.0)
    rspec-expectations (3.2.1)
      diff-lcs (>= 1.2.0, < 2.0)
      rspec-support (~> 3.2.0)
    rspec-its (1.2.0)
      rspec-core (>= 3.0.0)
      rspec-expectations (>= 3.0.0)
    rspec-mocks (3.2.1)
      diff-lcs (>= 1.2.0, < 2.0)
      rspec-support (~> 3.2.0)
    rspec-rails (3.2.1)
      actionpack (>= 3.0, < 4.3)
      activesupport (>= 3.0, < 4.3)
      railties (>= 3.0, < 4.3)
      rspec-core (~> 3.2.0)
      rspec-expectations (~> 3.2.0)
      rspec-mocks (~> 3.2.0)
      rspec-support (~> 3.2.0)
    rspec-support (3.2.2)
    ruby_parser (3.7.0)
      sexp_processor (~> 4.1)
    safe_yaml (1.0.4)
    sass (3.4.1)
    sass-rails (5.0.3)
      railties (>= 4.0.0, < 5.0)
      sass (~> 3.1)
      sprockets (>= 2.8, < 4.0)
      sprockets-rails (>= 2.0, < 4.0)
      tilt (~> 1.1)
    sdoc (0.4.1)
      json (~> 1.7, >= 1.7.7)
      rdoc (~> 4.0)
    sexp_processor (4.6.0)
    shoulda-matchers (2.8.0)
      activesupport (>= 3.0.0)
    sidekiq (3.3.4)
      celluloid (>= 0.16.0)
      connection_pool (>= 2.1.1)
      json
      redis (>= 3.0.6)
      redis-namespace (>= 1.3.1)
    sidekiq-limit_fetch (2.4.2)
      sidekiq (>= 2.6.5, < 4.0)
    sidetiq (0.6.3)
      celluloid (>= 0.14.1)
      ice_cube (= 0.11.1)
      sidekiq (>= 3.0.0)
    simple_form (3.1.0)
      actionpack (~> 4.0)
      activemodel (~> 4.0)
    sinatra (1.4.6)
      rack (~> 1.4)
      rack-protection (~> 1.4)
      tilt (>= 1.3, < 3)
    slop (3.6.0)
    spring (1.3.6)
    spring-commands-rspec (1.0.4)
      spring (>= 0.9.1)
    sprockets (3.2.0)
      rack (~> 1.0)
    sprockets-rails (2.3.1)
      actionpack (>= 3.0)
      activesupport (>= 3.0)
      sprockets (>= 2.8, < 4.0)
    therubyracer (0.12.2)
      libv8 (~> 3.16.14.0)
      ref
    thin (1.6.3)
      daemons (~> 1.0, >= 1.0.9)
      eventmachine (~> 1.0)
      rack (~> 1.0)
    thor (0.19.1)
    thread_safe (0.3.5)
    tilt (1.4.1)
    timers (4.0.1)
      hitimes
    turbolinks (2.5.3)
      coffee-rails
    tzinfo (1.2.2)
      thread_safe (~> 0.1)
    uglifier (2.7.1)
      execjs (>= 0.3.0)
      json (>= 1.8.0)
    underscore-rails (1.8.2)
    unicorn (4.9.0)
      kgio (~> 2.6)
      rack
      raindrops (~> 0.7)
    webmock (1.21.0)
      addressable (>= 2.3.6)
      crack (>= 0.3.2)
    websocket-driver (0.5.4)
      websocket-extensions (>= 0.1.0)
    websocket-extensions (0.1.2)
    xpath (2.0.0)
      nokogiri (~> 1.3)
    yard (0.8.7.6)

PLATFORMS
  ruby

DEPENDENCIES
  attribute_normalizer!
  bootstrap-sass
  cancancan
  capybara
  carrierwave!
  coffee-rails
  database_cleaner
  dotenv-rails
  ejs
  email_spec
  factory_girl_rails
  fontcustom
  glipper!
  haml
  haml-rails
  inherited_resources
  jbuilder (~> 2.0)
  jquery-fileupload-rails
  jquery-rails
  liqueur!
  menuseful!
  mini_magick
  money-rails
  newrelic_rpm
  nokogiri
  omniauth
  omniauth-facebook!
  omniauth-github!
  paper_trail
  parallel_tests
  pg
  poltergeist
  postrank-uri
  premailer-rails
  pry
  pry-doc
  pry-nav
  pry-rails
  purpur!
  quiet_assets
  rails (= 4.2.2)
  rails-observers
  rails_12factor
  rails_config
  rspec-its
  rspec-rails
  sass (= 3.4.1)
  sass-rails (~> 5.0.0.beta1)
  sdoc
  shoulda-matchers
  sidekiq
  sidekiq-limit_fetch
  sidetiq
  simple_form (~> 3.1.0.rc2)
  sinatra
  site_prism!
  spring
  spring-commands-rspec
  susanin!
  therubyracer
  thin
  turbolinks
  uglifier
  underscore-rails
  unicorn
  webmock
  wiskey!

BUNDLED WITH
   1.10.1
